GEM
  remote: https://rubygems.org/
  specs:
    json (1.8.2)
    minitest (5.5.1)

PLATFORMS
  ruby

DEPENDENCIES
  json
  minitest
